GIT
  remote: https://github.com/bdevel/clickhouse-activerecord
  revision: 6defa267aa0c9ed233db0f60c5187a70d2453d40
  ref: rails-6.1-support
  specs:
    clickhouse-activerecord (0.4.11)
      activerecord (>= 5.2)
      bundler (>= 1.13.4)

GEM
  remote: https://rubygems.org/
  specs:
    activemodel (6.1.3.1)
      activesupport (= 6.1.3.1)
    activerecord (6.1.3.1)
      activemodel (= 6.1.3.1)
      activesupport (= 6.1.3.1)
    activesupport (6.1.3.1)
      concurrent-ruby (~> 1.0, >= 1.0.2)
      i18n (>= 1.6, < 2)
      minitest (>= 5.1)
      tzinfo (~> 2.0)
      zeitwerk (~> 2.3)
    click_house (1.4.0)
      faraday
      faraday_middleware
    coderay (1.1.3)
    concurrent-ruby (1.1.8)
    faraday (1.3.0)
      faraday-net_http (~> 1.0)
      multipart-post (>= 1.2, < 3)
      ruby2_keywords
    faraday-net_http (1.0.1)
    faraday_middleware (1.0.0)
      faraday (~> 1.0)
    i18n (1.8.10)
      concurrent-ruby (~> 1.0)
    method_source (1.0.0)
    minitest (5.14.4)
    multipart-post (2.1.1)
    mysql2 (0.5.3)
    pg (1.2.3)
    pry (0.14.1)
      coderay (~> 1.1)
      method_source (~> 1.0)
    ruby2_keywords (0.0.4)
    terminal-table (3.0.0)
      unicode-display_width (~> 1.1, >= 1.1.1)
    tzinfo (2.0.4)
      concurrent-ruby (~> 1.0)
    unicode-display_width (1.7.0)
    zeitwerk (2.4.2)

PLATFORMS
  ruby

DEPENDENCIES
  activerecord
  activesupport
  click_house
  clickhouse-activerecord!
  mysql2 (~> 0.5.3)
  pg
  pry
  terminal-table
  zeitwerk

BUNDLED WITH
   2.1.4
